GEM
  remote: http://ruby.taobao.org/
  specs:
    builder (3.2.2)
    diff-lcs (1.2.4)
    jsonpath (0.5.5)
      multi_json
    multi_json (1.8.2)
    rspec (2.14.1)
      rspec-core (~> 2.14.0)
      rspec-expectations (~> 2.14.0)
      rspec-mocks (~> 2.14.0)
    rspec-core (2.14.4)
    rspec-expectations (2.14.0)
      diff-lcs (>= 1.1.3, < 2.0)
    rspec-mocks (2.14.2)

PLATFORMS
  ruby

DEPENDENCIES
  builder
  jsonpath
  rspec
